GEM
  remote: https://rubygems.org/
  specs:
    nokogiri (1.6.2.1-java)
    pdf_ravager (0.2.1)
      nokogiri

PLATFORMS
  java

DEPENDENCIES
  pdf_ravager
